PATH
  remote: .
  specs:
    big_machine (1.1.1)
      activesupport (~> 4.0.3)
      rake

GEM
  remote: http://rubygems.org/
  specs:
    activesupport (4.0.3)
      i18n (~> 0.6, >= 0.6.4)
      minitest (~> 4.2)
      multi_json (~> 1.3)
      thread_safe (~> 0.1)
      tzinfo (~> 0.3.37)
    atomic (1.1.15)
    i18n (0.6.9)
    minitest (4.7.5)
    multi_json (1.9.0)
    rake (10.1.1)
    thread_safe (0.2.0)
      atomic (>= 1.1.7, < 2)
    tzinfo (0.3.38)

PLATFORMS
  ruby
  x86-mingw32

DEPENDENCIES
  big_machine!
