PATH
  remote: .
  specs:
    big_machine (1.1.1)
      activesupport (~> 3.2.8)

GEM
  remote: http://rubygems.org/
  specs:
    activesupport (3.2.8)
      i18n (~> 0.6)
      multi_json (~> 1.0)
    i18n (0.6.0)
    multi_json (1.3.6)

PLATFORMS
  x86-mingw32

DEPENDENCIES
  big_machine!
